GEM
  remote: https://rubygems.org/
  specs:
    mini_portile2 (2.4.0)
    nokogiri (1.10.1)
      mini_portile2 (~> 2.4.0)
    sqlite3 (1.4.0)

PLATFORMS
  ruby

DEPENDENCIES
  nokogiri (~> 1.10)
  sqlite3 (~> 1.4)

BUNDLED WITH
   2.0.1
